GEM
  remote: https://rubygems.org/
  specs:
    elasticsearch (1.0.4)
      elasticsearch-api (= 1.0.4)
      elasticsearch-transport (= 1.0.4)
    elasticsearch-api (1.0.4)
      multi_json
    elasticsearch-transport (1.0.4)
      faraday
      multi_json
    em-websocket (0.5.1)
      eventmachine (>= 0.12.9)
      http_parser.rb (~> 0.6.0)
    eventmachine (1.0.3)
    eventmachine (1.0.3-java)
    faraday (0.9.0)
      multipart-post (>= 1.2, < 3)
    http_parser.rb (0.6.0)
    http_parser.rb (0.6.0-java)
    multi_json (1.10.1)
    multipart-post (2.0.0)
    rake (10.3.2)
    ruby-debug-ide (0.4.22)
      rake (>= 0.8.1)

PLATFORMS
  java
  ruby

DEPENDENCIES
  elasticsearch
  em-websocket
  ruby-debug-ide
